GEM
  remote: https://rubygems.org/
  specs:
    json (2.7.2)

PLATFORMS
  arm64-darwin-23
  ruby

DEPENDENCIES
  json

BUNDLED WITH
   2.5.6
